GIT
  remote: https://github.com/mchail/toto.git
  revision: 7af9a057ad422c591ff2b70fbd425d50dffb0ebc
  specs:
    toto (0.4.9)
      builder
      rack
      rdiscount

GEM
  remote: https://rubygems.org/
  specs:
    builder (3.0.0)
    haml (3.1.6)
    newrelic_rpm (3.4.0)
    rack (1.5.2)
    rdiscount (1.6.8)

PLATFORMS
  ruby

DEPENDENCIES
  builder
  haml
  newrelic_rpm
  rdiscount
  toto!
