GIT
  remote: https://github.com/mchail/toto.git
  revision: cc625d03912358eeaeaf0246de7bb03ea771a5cc
  specs:
    toto (0.5.0)
      builder
      rack
      rdiscount

GEM
  remote: https://rubygems.org/
  specs:
    builder (3.2.0)
    haml (3.1.6)
    newrelic_rpm (3.4.0)
    rack (1.5.2)
    rdiscount (1.6.8)

PLATFORMS
  ruby

DEPENDENCIES
  builder
  haml
  newrelic_rpm
  rdiscount (= 1.6.8)
  toto!
